GEM
  remote: https://rubygems.org/
  specs:
    bearer-agent (3.3.1)
      rack
    dotenv (2.7.5)
    httparty (0.18.1)
      mime-types (~> 3.0)
      multi_xml (>= 0.5.2)
    mime-types (3.3.1)
      mime-types-data (~> 3.2015)
    mime-types-data (3.2020.0512)
    multi_xml (0.6.0)
    rack (2.2.3)

PLATFORMS
  ruby

DEPENDENCIES
  bearer-agent
  dotenv
  httparty

BUNDLED WITH
   2.1.4
